GEM
  remote: https://rubygems.org/
  specs:
    byebug (11.1.3)
    concurrent-ruby (1.1.10)
    connection_pool (2.3.0)
    date (3.3.3)
    et-orbi (1.2.7)
      tzinfo
    fugit (1.8.0)
      et-orbi (~> 1, >= 1.2.7)
      raabro (~> 1.4)
    open-uri (0.3.0)
      stringio
      time
      uri
    raabro (1.4.0)
    rack (3.0.3)
    redis-client (0.11.2)
      connection_pool
    sidekiq (7.0.2)
      concurrent-ruby (< 2)
      connection_pool (>= 2.3.0)
      rack (>= 2.2.4)
      redis-client (>= 0.11.0)
    sidekiq-cron (1.9.1)
      fugit (~> 1.8)
      sidekiq (>= 4.2.1)
    stringio (3.0.4)
    time (0.2.1)
      date
    tzinfo (2.0.5)
      concurrent-ruby (~> 1.0)
    uri (0.12.0)

PLATFORMS
  x86_64-linux

DEPENDENCIES
  byebug (~> 11.1)
  open-uri (~> 0.3.0)
  sidekiq (~> 7.0)
  sidekiq-cron (~> 1.9)

BUNDLED WITH
   2.3.17
