GEM
  remote: https://rubygems.org/
  specs:
    byebug (11.1.3)
    date (3.3.3)
    nokogiri (1.13.10-x86_64-linux)
      racc (~> 1.4)
    open-uri (0.3.0)
      stringio
      time
      uri
    racc (1.6.2)
    stringio (3.0.4)
    time (0.2.1)
      date
    uri (0.12.0)

PLATFORMS
  x86_64-linux

DEPENDENCIES
  byebug (~> 11.1)
  nokogiri (~> 1.13, >= 1.13.10)
  open-uri (~> 0.3.0)

BUNDLED WITH
   2.3.17
